GEM
  remote: https://rubygems.org/
  specs:
    colored (1.2)
    cri (2.4.0)
      colored (>= 1.2)
    nanoc (3.6.5)
      cri (~> 2.3)
    sass (3.2.12)

PLATFORMS
  ruby

DEPENDENCIES
  nanoc
  sass
